GIT
  remote: git@github.com:zhiyisoft/bootstrap-rails.git
  revision: 3a7b15e42cff3519c101c6c2fb7eaaa929621f18
  ref: HEAD
  specs:
    zhiyi-bootstrap-rails (2.3.1.1)
      railties (>= 3.0)
      sass (>= 3.2)

PATH
  remote: .
  specs:
    rubycas-server (1.1.1)
      activerecord (>= 2.3.12, < 3.1)
      activesupport (>= 2.3.12, < 3.2)
      crypt-isaac (~> 0.9.1)
      sinatra (~> 1.0)
      sinatra-r18n

GEM
  remote: http://ruby.taobao.org/
  specs:
    abstract (1.0.0)
    actionpack (3.0.20)
      activemodel (= 3.0.20)
      activesupport (= 3.0.20)
      builder (~> 2.1.2)
      erubis (~> 2.6.6)
      i18n (~> 0.5.0)
      rack (~> 1.2.5)
      rack-mount (~> 0.6.14)
      rack-test (~> 0.5.7)
      tzinfo (~> 0.3.23)
    activemodel (3.0.20)
      activesupport (= 3.0.20)
      builder (~> 2.1.2)
      i18n (~> 0.5.0)
    activerecord (3.0.20)
      activemodel (= 3.0.20)
      activesupport (= 3.0.20)
      arel (~> 2.0.10)
      tzinfo (~> 0.3.23)
    activeresource (3.0.20)
      activemodel (= 3.0.20)
      activesupport (= 3.0.20)
    activesupport (3.0.20)
    arel (2.0.10)
    backports (3.3.1)
    builder (2.1.2)
    capybara (1.1.2)
      mime-types (>= 1.16)
      nokogiri (>= 1.3.3)
      rack (>= 1.0.0)
      rack-test (>= 0.5.4)
      selenium-webdriver (~> 2.0)
      xpath (~> 0.1.4)
    childprocess (0.3.9)
      ffi (~> 1.0, >= 1.0.11)
    crypt-isaac (0.9.1)
    diff-lcs (1.2.4)
    erubis (2.6.6)
      abstract (>= 1.0.0)
    ffi (1.8.1)
    i18n (0.5.0)
    json (1.8.0)
    mime-types (1.23)
    multi_json (1.7.3)
    mysql2 (0.3.11)
    net-ldap (0.1.1)
    nokogiri (1.5.9)
    r18n-core (0.4.10)
    rack (1.2.8)
    rack-mount (0.6.14)
      rack (>= 1.0.0)
    rack-test (0.5.7)
      rack (>= 1.0)
    railties (3.0.20)
      actionpack (= 3.0.20)
      activesupport (= 3.0.20)
      rake (>= 0.8.7)
      rdoc (~> 3.4)
      thor (~> 0.14.4)
    rake (0.8.7)
    rdoc (3.12.2)
      json (~> 1.4)
    rspec (2.13.0)
      rspec-core (~> 2.13.0)
      rspec-expectations (~> 2.13.0)
      rspec-mocks (~> 2.13.0)
    rspec-core (2.13.1)
    rspec-expectations (2.13.0)
      diff-lcs (>= 1.1.3, < 2.0)
    rspec-mocks (2.13.1)
    rubyzip (0.9.9)
    sass (3.2.9)
    selenium-webdriver (2.32.1)
      childprocess (>= 0.2.5)
      multi_json (~> 1.0)
      rubyzip
      websocket (~> 1.0.4)
    sinatra (1.2.9)
      backports
      rack (~> 1.1, < 1.5)
      tilt (>= 1.2.2, < 2.0)
    sinatra-r18n (0.4.10)
      r18n-core (= 0.4.10)
      sinatra (>= 0.9)
    sqlite3 (1.3.7)
    thor (0.14.6)
    tilt (1.4.1)
    tzinfo (0.3.37)
    websocket (1.0.7)
    xpath (0.1.4)
      nokogiri (~> 1.3)

PLATFORMS
  ruby

DEPENDENCIES
  activeresource (>= 2.3.12, < 3.1)
  capybara (= 1.1.2)
  mysql2
  net-ldap (~> 0.1.1)
  rack-test
  rake (= 0.8.7)
  rspec
  rspec-core
  rubycas-server!
  sqlite3 (~> 1.3.1)
  zhiyi-bootstrap-rails!
